GEM
  remote: https://rubygems.org/
  specs:
    addressable (2.3.5)
    builder (3.2.2)
    curb (0.8.5)
    faraday (0.9.0)
      multipart-post (>= 1.2, < 3)
    multipart-post (2.0.0)
    octokit (2.7.2)
      sawyer (~> 0.5.2)
    rsolr (1.0.9)
      builder (>= 2.1.2)
    sawyer (0.5.3)
      addressable (~> 2.3.5)
      faraday (~> 0.8, < 0.10)
    trollop (2.0)

PLATFORMS
  java
  ruby

DEPENDENCIES
  curb (~> 0.8.5)
  octokit (~> 2.0)
  rsolr (~> 1.0.9)
  trollop (~> 2.0)
